GEM
  remote: https://rubygems.org/
  specs:
    activemodel (5.2.8)
      activesupport (= 5.2.8)
    activerecord (5.2.8)
      activemodel (= 5.2.8)
      activesupport (= 5.2.8)
      arel (>= 9.0)
    activesupport (5.2.8)
      concurrent-ruby (~> 1.0, >= 1.0.2)
      i18n (>= 0.7, < 2)
      minitest (~> 5.1)
      tzinfo (~> 1.1)
    arel (9.0.0)
    coderay (1.1.3)
    concurrent-ruby (1.1.10)
    diff-lcs (1.5.0)
    faker (2.21.0)
      i18n (>= 1.8.11, < 2)
    i18n (1.11.0)
      concurrent-ruby (~> 1.0)
    method_source (1.0.0)
    minitest (5.16.2)
    mustermann (1.1.1)
      ruby2_keywords (~> 0.0.1)
    pastel (0.8.0)
      tty-color (~> 0.5)
    pry (0.14.1)
      coderay (~> 1.1)
      method_source (~> 1.0)
    rack (2.2.4)
    rack-protection (2.2.0)
      rack
    require_all (3.0.0)
    rspec (3.11.0)
      rspec-core (~> 3.11.0)
      rspec-expectations (~> 3.11.0)
      rspec-mocks (~> 3.11.0)
    rspec-core (3.11.0)
      rspec-support (~> 3.11.0)
    rspec-expectations (3.11.0)
      diff-lcs (>= 1.2.0, < 2.0)
      rspec-support (~> 3.11.0)
    rspec-mocks (3.11.1)
      diff-lcs (>= 1.2.0, < 2.0)
      rspec-support (~> 3.11.0)
    rspec-support (3.11.0)
    ruby2_keywords (0.0.5)
    sinatra (2.2.0)
      mustermann (~> 1.0)
      rack (~> 2.2)
      rack-protection (= 2.2.0)
      tilt (~> 2.0)
    sinatra-activerecord (2.0.25)
      activerecord (>= 4.1)
      sinatra (>= 1.0)
    sqlite3 (1.3.13)
    thread_safe (0.3.6)
    tilt (2.0.10)
    tty-color (0.6.0)
    tty-cursor (0.7.1)
    tty-prompt (0.23.1)
      pastel (~> 0.8)
      tty-reader (~> 0.8)
    tty-reader (0.9.0)
      tty-cursor (~> 0.7)
      tty-screen (~> 0.8)
      wisper (~> 2.0)
    tty-screen (0.8.1)
    tzinfo (1.2.9)
      thread_safe (~> 0.1)
    wisper (2.0.1)

PLATFORMS
  ruby

DEPENDENCIES
  activerecord (~> 5.2)
  faker
  pry
  require_all
  rspec
  sinatra-activerecord
  sqlite3 (~> 1.3.6)
  tty-prompt

BUNDLED WITH
   2.1.4
